GEM
  specs:
    sqlite3 (1.3.13)

PLATFORMS
  ruby

DEPENDENCIES
  sqlite3

BUNDLED WITH
   1.17.2
